PATH
  remote: .
  specs:
    pakyow-markdown (2.0.0.rc1)
      pakyow-presenter (~> 1.0.0.rc1)
      redcarpet (~> 3.4)
      rouge (~> 3.5)

GEM
  remote: https://rubygems.org/
  specs:
    ansi (1.5.0)
    ast (2.4.0)
    async (1.19.0)
      console (~> 1.0)
      nio4r (~> 2.3)
      timers (~> 4.1)
    async-http (0.43.1)
      async (~> 1.14)
      async-io (~> 1.18)
      protocol-http (~> 0.8.0)
      protocol-http1 (~> 0.8.0)
      protocol-http2 (~> 0.3.0)
    async-io (1.23.3)
      async (~> 1.14)
    concurrent-ruby (1.1.5)
    console (1.4.0)
    dry-configurable (0.8.3)
      concurrent-ruby (~> 1.0)
      dry-core (~> 0.4, >= 0.4.7)
    dry-container (0.7.1)
      concurrent-ruby (~> 1.0)
      dry-configurable (~> 0.1, >= 0.1.3)
    dry-core (0.4.8)
      concurrent-ruby (~> 1.0)
    dry-equalizer (0.2.2)
    dry-inflector (0.1.2)
    dry-logic (1.0.2)
      concurrent-ruby (~> 1.0)
      dry-core (~> 0.2)
      dry-equalizer (~> 0.2)
    dry-types (1.1.0)
      concurrent-ruby (~> 1.0)
      dry-container (~> 0.3)
      dry-core (~> 0.4, >= 0.4.4)
      dry-equalizer (~> 0.2, >= 0.2.2)
      dry-inflector (~> 0.1, >= 0.1.2)
      dry-logic (~> 1.0, >= 1.0.2)
    equatable (0.6.1)
    filewatcher (1.1.1)
      optimist (~> 3.0)
    method_source (0.9.2)
    mini_mime (1.0.1)
    multipart-parser (0.1.1)
    nio4r (2.3.1)
    oga (2.15)
      ast
      ruby-ll (~> 2.1)
    optimist (3.0.0)
    pakyow-core (1.0.0.rc1)
      async (~> 1.17)
      async-http (~> 0.43.1)
      async-io (~> 1.23)
      bundler (>= 1.17)
      console (~> 1.3)
      dry-types (~> 1.0)
      filewatcher (~> 1.1)
      method_source (~> 0.9)
      mini_mime (~> 1.0)
      multipart-parser (~> 0.1.1)
      pakyow-support (= 1.0.0.rc1)
      process-group (~> 1.1)
      rake (~> 12.3)
    pakyow-presenter (1.0.0.rc1)
      oga (~> 2.15)
      pakyow-core (= 1.0.0.rc1)
      pakyow-routing (= 1.0.0.rc1)
      pakyow-support (= 1.0.0.rc1)
      redcarpet (~> 3.4)
    pakyow-routing (1.0.0.rc1)
      pakyow-core (= 1.0.0.rc1)
      pakyow-support (= 1.0.0.rc1)
    pakyow-support (1.0.0.rc1)
      concurrent-ruby (~> 1.1)
      dry-inflector (~> 0.1)
      pastel (~> 0.7)
      tty-command (~> 0.8)
      tty-spinner (~> 0.9)
    pastel (0.7.3)
      equatable (~> 0.6)
      tty-color (~> 0.5)
    process-group (1.1.0)
    protocol-hpack (1.4.1)
    protocol-http (0.8.1)
    protocol-http1 (0.8.2)
      protocol-http (~> 0.5)
    protocol-http2 (0.3.0)
      protocol-hpack (~> 1.0)
      protocol-http (~> 0.2)
    rake (12.3.2)
    redcarpet (3.4.0)
    rouge (3.5.1)
    ruby-ll (2.1.2)
      ansi
      ast
    timers (4.3.0)
    tty-color (0.5.0)
    tty-command (0.8.2)
      pastel (~> 0.7.0)
    tty-cursor (0.7.0)
    tty-spinner (0.9.1)
      tty-cursor (~> 0.7)

PLATFORMS
  ruby

DEPENDENCIES
  pakyow-markdown!

BUNDLED WITH
   1.17.2
