PATH
  remote: .
  specs:
    pakyow-markdown (2.0.0)
      pakyow
      redcarpet (~> 3.4)
      rouge (~> 3.1)

GEM
  remote: https://rubygems.org/
  specs:
    addressable (2.5.2)
      public_suffix (>= 2.0.2, < 4.0)
    ansi (1.5.0)
    ast (2.3.0)
    concurrent-ruby (1.0.5)
    css_parser (1.6.0)
      addressable
    htmlentities (4.3.4)
    mail (2.7.0)
      mini_mime (>= 0.1.1)
    mini_mime (1.0.0)
    minitest (5.9.0)
    minitest-focus (1.1.2)
      minitest (>= 4, < 6)
    oga (2.13)
      ast
      ruby-ll (~> 2.1)
    pakyow (0.11.3)
      bundler (~> 1.10)
      pakyow-core (= 0.11.3)
      pakyow-mailer (= 0.11.3)
      pakyow-presenter (= 0.11.3)
      pakyow-rake (= 0.11.3)
      pakyow-realtime (= 0.11.3)
      pakyow-support (= 0.11.3)
      pakyow-test (= 0.11.3)
      pakyow-ui (= 0.11.3)
      thor (~> 0.19)
    pakyow-core (0.11.3)
      pakyow-support (= 0.11.3)
      rack (~> 1.6)
    pakyow-mailer (0.11.3)
      mail (~> 2.6)
      pakyow-core (= 0.11.3)
      pakyow-presenter (= 0.11.3)
      pakyow-support (= 0.11.3)
      premailer (~> 1.8)
    pakyow-presenter (0.11.3)
      oga (~> 2.0)
      pakyow-core (= 0.11.3)
      pakyow-support (= 0.11.3)
    pakyow-rake (0.11.3)
      pakyow-core (= 0.11.3)
      pakyow-presenter (= 0.11.3)
      pakyow-support (= 0.11.3)
      rake (~> 11.1)
    pakyow-realtime (0.11.3)
      concurrent-ruby (~> 1.0)
      pakyow-core (= 0.11.3)
      pakyow-support (= 0.11.3)
      redis (~> 3.2)
      websocket (~> 1.2)
    pakyow-support (0.11.3)
    pakyow-test (0.11.3)
      pakyow-core (= 0.11.3)
      pakyow-mailer (= 0.11.3)
      pakyow-presenter (= 0.11.3)
      pakyow-support (= 0.11.3)
    pakyow-ui (0.11.3)
      pakyow-core (= 0.11.3)
      pakyow-presenter (= 0.11.3)
      pakyow-realtime (= 0.11.3)
      pakyow-support (= 0.11.3)
    premailer (1.11.1)
      addressable
      css_parser (>= 1.6.0)
      htmlentities (>= 4.0.0)
    public_suffix (3.0.1)
    rack (1.6.8)
    rake (11.2.2)
    redcarpet (3.4.0)
    redis (3.3.5)
    rouge (3.1.0)
    ruby-ll (2.1.2)
      ansi
      ast
    thor (0.20.0)
    websocket (1.2.5)

PLATFORMS
  ruby

DEPENDENCIES
  minitest
  minitest-focus
  pakyow-markdown!
  rake

BUNDLED WITH
   1.16.1
