PATH
  remote: .
  specs:
    pakyow-markdown (2.0.0.rc1)
      pakyow-presenter (< 3)
      redcarpet (~> 3.5)
      rouge (~> 3.26)

GEM
  remote: https://rubygems.org/
  specs:
    ansi (1.5.0)
    ast (2.4.1)
    async (1.28.3)
      console (~> 1.10)
      nio4r (~> 2.3)
      timers (~> 4.1)
    async-http (0.49.1)
      async (~> 1.23)
      async-io (~> 1.27.0)
      protocol-http (~> 0.13.0)
      protocol-http1 (~> 0.10.0)
      protocol-http2 (~> 0.10.0)
    async-io (1.27.7)
      async (~> 1.14)
    concurrent-ruby (1.1.7)
    console (1.10.1)
      fiber-local
    dry-configurable (0.12.0)
      concurrent-ruby (~> 1.0)
      dry-core (~> 0.5, >= 0.5.0)
    dry-container (0.7.2)
      concurrent-ruby (~> 1.0)
      dry-configurable (~> 0.1, >= 0.1.3)
    dry-core (0.5.0)
      concurrent-ruby (~> 1.0)
    dry-equalizer (0.3.0)
    dry-inflector (0.2.0)
    dry-logic (1.1.0)
      concurrent-ruby (~> 1.0)
      dry-core (~> 0.5, >= 0.5)
    dry-types (1.4.0)
      concurrent-ruby (~> 1.0)
      dry-container (~> 0.3)
      dry-core (~> 0.4, >= 0.4.4)
      dry-equalizer (~> 0.3)
      dry-inflector (~> 0.1, >= 0.1.2)
      dry-logic (~> 1.0, >= 1.0.2)
    equatable (0.6.1)
    ffi (1.14.2)
    fiber-local (1.0.0)
    filewatcher (1.1.1)
      optimist (~> 3.0)
    method_source (0.9.2)
    mini_mime (1.0.2)
    multipart-parser (0.1.1)
    nio4r (2.5.4)
    oga (2.15)
      ast
      ruby-ll (~> 2.1)
    optimist (3.0.1)
    pakyow-core (1.0.6)
      async (~> 1.23)
      async-http (~> 0.49.0)
      async-io (~> 1.27)
      bundler (>= 1.17)
      console (~> 1.5)
      dry-types (~> 1.2)
      filewatcher (~> 1.1)
      method_source (~> 0.9.2)
      mini_mime (~> 1.0)
      multipart-parser (~> 0.1.1)
      pakyow-support (= 1.0.6)
      process-group (~> 1.1)
      rake (~> 13.0)
    pakyow-presenter (1.0.6)
      oga (~> 2.15)
      pakyow-core (= 1.0.6)
      pakyow-routing (= 1.0.6)
      pakyow-support (= 1.0.6)
      redcarpet (~> 3.5)
    pakyow-routing (1.0.6)
      pakyow-core (= 1.0.6)
      pakyow-support (= 1.0.6)
    pakyow-support (1.0.6)
      concurrent-ruby (~> 1.1)
      dry-inflector (~> 0.2.0)
      pastel (~> 0.7.3)
      tty-command (~> 0.9.0)
      tty-spinner (~> 0.9.1)
    pastel (0.7.4)
      equatable (~> 0.6)
      tty-color (~> 0.5)
    process-group (1.2.3)
      process-terminal (~> 0.2.0)
    process-terminal (0.2.0)
      ffi
    protocol-hpack (1.4.2)
    protocol-http (0.13.1)
    protocol-http1 (0.10.2)
      protocol-http (~> 0.13)
    protocol-http2 (0.10.4)
      protocol-hpack (~> 1.4)
      protocol-http (~> 0.2)
    rake (13.0.3)
    redcarpet (3.5.1)
    rouge (3.26.0)
    ruby-ll (2.1.2)
      ansi
      ast
    timers (4.3.2)
    tty-color (0.6.0)
    tty-command (0.9.0)
      pastel (~> 0.7.0)
    tty-cursor (0.7.1)
    tty-spinner (0.9.3)
      tty-cursor (~> 0.7)

PLATFORMS
  ruby

DEPENDENCIES
  pakyow-markdown!

BUNDLED WITH
   1.17.2
