GEM
  remote: https://rubygems.org/
  specs:
    mini_portile (0.6.2)
    minitest (5.8.0)
    minitest-focus (1.1.2)
      minitest (>= 4, < 6)
    nokogiri (1.6.6.2)
      mini_portile (~> 0.6.0)
    pakyow-core (0.9.0)
      pakyow-support (= 0.9.0)
      rack (~> 1.5)
    pakyow-presenter (0.9.0)
      nokogiri (~> 1.6)
      pakyow-core (= 0.9.0)
      pakyow-support (= 0.9.0)
    pakyow-support (0.9.0)
    rack (1.6.4)
    rake (10.4.2)
    redcarpet (3.3.2)
    rouge (1.9.1)

PLATFORMS
  ruby

DEPENDENCIES
  minitest
  minitest-focus
  pakyow-core (= 0.9)
  pakyow-presenter (= 0.9)
  pakyow-support (= 0.9)
  rake
  redcarpet (~> 3.3)
  rouge (~> 1.9)

BUNDLED WITH
   1.10.6
