GEM
  remote: https://rubygems.org/
  specs:
    ansi (1.5.0)
    ast (2.3.0)
    minitest (5.9.0)
    minitest-focus (1.1.2)
      minitest (>= 4, < 6)
    oga (2.2)
      ast
      ruby-ll (~> 2.1)
    pakyow-core (0.11.1)
      pakyow-support (= 0.11.1)
      rack (~> 1.6)
    pakyow-presenter (0.11.1)
      oga (~> 2.0)
      pakyow-core (= 0.11.1)
      pakyow-support (= 0.11.1)
    pakyow-support (0.11.1)
    rack (1.6.4)
    rake (11.2.2)
    redcarpet (3.3.4)
    rouge (1.11.0)
    ruby-ll (2.1.2)
      ansi
      ast

PLATFORMS
  ruby

DEPENDENCIES
  minitest
  minitest-focus
  pakyow-core
  pakyow-presenter
  pakyow-support
  rake
  redcarpet (~> 3.3)
  rouge (~> 1.10)

BUNDLED WITH
   1.11.2
