GEM
  remote: https://rubygems.org/
  specs:
    mini_portile (0.6.2)
    minitest (5.8.1)
    minitest-focus (1.1.2)
      minitest (>= 4, < 6)
    nokogiri (1.6.6.2)
      mini_portile (~> 0.6.0)
    pakyow-core (0.9.1)
      pakyow-support (= 0.9.1)
      rack (~> 1.5)
    pakyow-presenter (0.9.1)
      nokogiri (~> 1.6)
      pakyow-core (= 0.9.1)
      pakyow-support (= 0.9.1)
    pakyow-support (0.9.1)
    rack (1.6.4)
    rake (10.4.2)
    redcarpet (3.3.3)
    rouge (1.10.1)

PLATFORMS
  ruby

DEPENDENCIES
  minitest
  minitest-focus
  pakyow-core
  pakyow-presenter
  pakyow-support
  rake
  redcarpet (~> 3.3)
  rouge (~> 1.10)

BUNDLED WITH
   1.10.6
